GEM
  specs:
    compass (0.10.6)
      haml (>= 3.0.4)
    haml (3.1.2)
    rack (1.3.0)
    staticmatic (0.11.1)
      compass (>= 0.10.0)
      haml (>= 2.0.0)
      rack (>= 1.0)

PLATFORMS
  ruby

DEPENDENCIES
  compass
  haml
  staticmatic
